GIT
  remote: https://github.com/ezuhaib/papercrop.git
  revision: 6fa46dc99f1d4c50c51999c5a4f24bf6a1d910fd
  specs:
    papercrop (0.1.1)
      jquery-rails
      paperclip (>= 3.4)
      rails (>= 3.1)

GEM
  remote: https://rubygems.org/
  specs:
    actionmailer (4.1.1)
      actionpack (= 4.1.1)
      actionview (= 4.1.1)
      mail (~> 2.5.4)
    actionpack (4.1.1)
      actionview (= 4.1.1)
      activesupport (= 4.1.1)
      rack (~> 1.5.2)
      rack-test (~> 0.6.2)
    actionview (4.1.1)
      activesupport (= 4.1.1)
      builder (~> 3.1)
      erubis (~> 2.7.0)
    activemodel (4.1.1)
      activesupport (= 4.1.1)
      builder (~> 3.1)
    activerecord (4.1.1)
      activemodel (= 4.1.1)
      activesupport (= 4.1.1)
      arel (~> 5.0.0)
    activesupport (4.1.1)
      i18n (~> 0.6, >= 0.6.9)
      json (~> 1.7, >= 1.7.7)
      minitest (~> 5.1)
      thread_safe (~> 0.1)
      tzinfo (~> 1.1)
    acts-as-taggable-on (3.2.1)
      actionpack (>= 3, < 5)
      activerecord (>= 3, < 5)
    addressable (2.3.6)
    arel (5.0.1.20140414130214)
    autosize-rails (1.18.6)
      rails (>= 3.1)
    bcrypt (3.1.7)
    bcrypt (3.1.7-x64-mingw32)
    bcrypt (3.1.7-x86-mingw32)
    better_errors (1.1.0)
      coderay (>= 1.0.0)
      erubis (>= 2.6.6)
    binding_of_caller (0.7.2)
      debug_inspector (>= 0.0.1)
    bootstrap-datepicker-rails (1.3.0.2)
      railties (>= 3.0)
    bootstrap-sass (3.1.1.1)
      sass (~> 3.2)
    bootstrap-select-rails (1.3.0.1)
    bootstrap_form (2.1.1)
    builder (3.2.2)
    callsite (0.0.11)
    cancancan (1.7.1)
    capistrano (3.2.1)
      i18n
      rake (>= 10.0.0)
      sshkit (~> 1.3)
    capistrano-bundler (1.1.2)
      capistrano (~> 3.0)
      sshkit (~> 1.2)
    capistrano-rails (1.1.1)
      capistrano (~> 3.1)
      capistrano-bundler (~> 1.1)
    chronic (0.10.2)
    climate_control (0.0.3)
      activesupport (>= 3.0)
    cocaine (0.5.4)
      climate_control (>= 0.0.3, < 1.0)
    coderay (1.1.0)
    coffee-rails (4.0.1)
      coffee-script (>= 2.2.0)
      railties (>= 4.0.0, < 5.0)
    coffee-script (2.2.0)
      coffee-script-source
      execjs
    coffee-script-source (1.7.0)
    countries (0.9.3)
      currencies (~> 0.4.2)
    country_select (1.3.1)
      countries (= 0.9.3)
    css_parser (1.3.5)
      addressable
    currencies (0.4.2)
    debug_inspector (0.0.2)
    devise (3.2.4)
      bcrypt (~> 3.0)
      orm_adapter (~> 0.1)
      railties (>= 3.2.6, < 5)
      thread_safe (~> 0.1)
      warden (~> 1.2.3)
    elasticsearch (0.4.11)
      elasticsearch-api (= 0.4.11)
      elasticsearch-transport (= 0.4.11)
    elasticsearch-api (0.4.11)
      multi_json
    elasticsearch-transport (0.4.11)
      faraday
      multi_json
    erubis (2.7.0)
    exception_notification (4.0.1)
      actionmailer (>= 3.0.4)
      activesupport (>= 3.0.4)
    execjs (2.0.2)
    faraday (0.9.0)
      multipart-post (>= 1.2, < 3)
    fast_stack (0.1.0)
      rake
      rake-compiler
    flamegraph (0.0.5)
      fast_stack
    friendly_id (5.0.3)
      activerecord (>= 4.0.0)
    google-analytics-rails (0.0.5)
    hashie (2.1.1)
    highline (1.6.21)
    hike (1.2.3)
    htmlentities (4.3.1)
    i18n (0.6.9)
    jbuilder (2.0.7)
      activesupport (>= 3.0.0, < 5)
      multi_json (~> 1.2)
    jquery-rails (3.1.0)
      railties (>= 3.0, < 5.0)
      thor (>= 0.14, < 2.0)
    jquery-textcomplete-rails (0.1.3)
      coffee-rails (>= 3.2.0)
      railties (>= 3.2.0)
      sass-rails (>= 3.2.0)
    json (1.8.1)
    kaminari (0.15.1)
      actionpack (>= 3.0.0)
      activesupport (>= 3.0.0)
    kaminari-bootstrap (3.0.1)
      kaminari (>= 0.13.0)
      rails
    kgio (2.9.2)
    launchy (2.4.2)
      addressable (~> 2.3)
    letter_opener (1.2.0)
      launchy (~> 2.2)
    libv8 (3.16.14.3)
    liquid (2.6.1)
    mail (2.5.4)
      mime-types (~> 1.16)
      treetop (~> 1.4.8)
    meta_request (0.3.0)
      callsite
      rack-contrib
      railties
    mime-types (1.25.1)
    mini_portile (0.5.3)
    minitest (5.3.3)
    multi_json (1.10.0)
    multipart-post (2.0.0)
    net-scp (1.2.1)
      net-ssh (>= 2.6.5)
    net-ssh (2.9.0)
    nokogiri (1.6.2.rc2)
      mini_portile (~> 0.5.2)
    nokogiri (1.6.2.rc2-x64-mingw32)
      mini_portile (~> 0.5.2)
    nokogiri (1.6.2.rc2-x86-mingw32)
      mini_portile (~> 0.5.2)
    noty-rails (2.2.0)
    options (2.3.2)
    orm_adapter (0.5.0)
    paperclip (4.1.1)
      activemodel (>= 3.0.0)
      activesupport (>= 3.0.0)
      cocaine (~> 0.5.3)
      mime-types
    pg (0.17.1)
    pg (0.17.1-x64-mingw32)
    pg (0.17.1-x86-mingw32)
    polyglot (0.3.4)
    premailer (1.8.2)
      css_parser (>= 1.3.5)
      htmlentities (>= 4.0.0)
    premailer-rails (1.7.0)
      actionmailer (>= 3, < 5)
      premailer (~> 1.7, >= 1.7.9)
    progress_bar (1.0.0)
      highline (~> 1.6.1)
      options (~> 2.3.0)
    public_activity (1.4.1)
      actionpack (>= 3.0.0)
      activerecord (>= 3.0)
      i18n (>= 0.5.0)
      railties (>= 3.0.0)
    quiet_assets (1.0.2)
      railties (>= 3.1, < 5.0)
    rack (1.5.2)
    rack-contrib (1.1.0)
      rack (>= 0.9.1)
    rack-mini-profiler (0.9.1)
      rack (>= 1.1.3)
    rack-test (0.6.2)
      rack (>= 1.0)
    rails (4.1.1)
      actionmailer (= 4.1.1)
      actionpack (= 4.1.1)
      actionview (= 4.1.1)
      activemodel (= 4.1.1)
      activerecord (= 4.1.1)
      activesupport (= 4.1.1)
      bundler (>= 1.3.0, < 2.0)
      railties (= 4.1.1)
      sprockets-rails (~> 2.0)
    rails-web-console (0.3.0)
      railties (>= 3.1.0)
    railties (4.1.1)
      actionpack (= 4.1.1)
      activesupport (= 4.1.1)
      rake (>= 0.8.7)
      thor (>= 0.18.1, < 2.0)
    raindrops (0.13.0)
    rake (10.3.1)
    rake-compiler (0.9.2)
      rake
    ref (1.0.5)
    rinku (1.7.3)
    sass (3.2.19)
    sass-rails (4.0.3)
      railties (>= 4.0.0, < 5.0)
      sass (~> 3.2.0)
      sprockets (~> 2.8, <= 2.11.0)
      sprockets-rails (~> 2.0)
    searchkick (0.7.4)
      activemodel
      elasticsearch (~> 0.4.11)
      hashie
    selectize-rails (0.9.1)
    sepastian-capistrano3-unicorn (0.5.0)
      capistrano (~> 3.0)
    sextant (0.2.4)
      rails (>= 3.2)
    sidr-rails (0.0.1.1)
      railties (>= 3, < 5)
    sitemap_generator (5.0.2)
      builder
    sprockets (2.11.0)
      hike (~> 1.2)
      multi_json (~> 1.0)
      rack (~> 1.0)
      tilt (~> 1.1, != 1.3.0)
    sprockets-rails (2.1.3)
      actionpack (>= 3.0)
      activesupport (>= 3.0)
      sprockets (~> 2.8)
    sqlite3 (1.3.9)
    sqlite3 (1.3.9-x64-mingw32)
    sqlite3 (1.3.9-x86-mingw32)
    sshkit (1.4.0)
      net-scp (>= 1.1.2)
      net-ssh (>= 2.8.0)
      term-ansicolor
    term-ansicolor (1.3.0)
      tins (~> 1.0)
    therubyracer (0.12.1)
      libv8 (~> 3.16.14.0)
      ref
    thor (0.19.1)
    thread_safe (0.3.3)
    tilt (1.4.1)
    tins (1.1.0)
    treetop (1.4.15)
      polyglot
      polyglot (>= 0.3.1)
    turbolinks (2.2.2)
      coffee-rails
    twitter-typeahead-rails (0.10.2)
      actionpack (>= 3.1)
      jquery-rails
      railties (>= 3.1)
    tzinfo (1.1.0)
      thread_safe (~> 0.1)
    tzinfo-data (1.2014.2)
      tzinfo (>= 1.0.0)
    uglifier (2.5.0)
      execjs (>= 0.3.0)
      json (>= 1.8.0)
    unicorn (4.8.2)
      kgio (~> 2.6)
      rack
      raindrops (~> 0.7)
    unread (0.3.1)
      activerecord (>= 3)
    warden (1.2.3)
      rack (>= 1.0)
    webrick (1.3.1)
    whenever (0.9.2)
      activesupport (>= 2.3.4)
      chronic (>= 0.6.3)
    win32console (1.3.2-x86-mingw32)
    yaml_db (0.2.3)

PLATFORMS
  ruby
  x64-mingw32
  x86-mingw32

DEPENDENCIES
  acts-as-taggable-on
  autosize-rails
  better_errors
  binding_of_caller
  bootstrap-datepicker-rails
  bootstrap-sass
  bootstrap-select-rails
  bootstrap_form
  cancancan
  capistrano-rails
  coffee-rails
  country_select
  devise
  exception_notification
  flamegraph
  friendly_id
  google-analytics-rails
  jbuilder
  jquery-rails
  jquery-textcomplete-rails
  kaminari
  kaminari-bootstrap
  letter_opener
  liquid
  meta_request
  nokogiri (= 1.6.2.rc2)
  noty-rails
  paperclip
  papercrop!
  pg
  premailer-rails
  progress_bar
  public_activity
  quiet_assets
  rack-mini-profiler
  rails (~> 4.1.0)
  rails-web-console
  rake
  rinku
  sass-rails
  searchkick
  selectize-rails
  sepastian-capistrano3-unicorn
  sextant
  sidr-rails
  sitemap_generator
  sqlite3
  therubyracer
  turbolinks
  twitter-typeahead-rails
  tzinfo-data
  uglifier
  unicorn
  unread
  webrick
  whenever
  win32console
  yaml_db
